GEM
  remote: https://rubygems.org/
  specs:
    codecov (0.1.9)
      json
      simplecov
      url
    docile (1.3.2)
    json (2.3.1)
    simplecov (0.19.0)
      docile (~> 1.1)
      simplecov-html (~> 0.11)
    simplecov-html (0.12.2)
    url (0.3.2)

PLATFORMS
  ruby

DEPENDENCIES
  codecov
  json

BUNDLED WITH
   2.1.4
